PATH
  remote: .
  specs:
    doi_query_tool (1.0.0)
      activesupport (~> 3.2.22)
      libxml-ruby (>= 2.6.0)

GEM
  remote: https://rubygems.org/
  specs:
    activesupport (3.2.22.5)
      i18n (~> 0.6, >= 0.6.4)
      multi_json (~> 1.0)
    addressable (2.5.0)
      public_suffix (~> 2.0, >= 2.0.2)
    crack (0.4.3)
      safe_yaml (~> 1.0.0)
    hashdiff (0.3.2)
    i18n (0.8.1)
    libxml-ruby (3.0.0)
    multi_json (1.12.1)
    power_assert (1.0.1)
    public_suffix (2.0.5)
    safe_yaml (1.0.4)
    test-unit (3.2.3)
      power_assert
    vcr (3.0.3)
    webmock (1.24.6)
      addressable (>= 2.3.6)
      crack (>= 0.3.2)
      hashdiff

PLATFORMS
  ruby

DEPENDENCIES
  doi_query_tool!
  test-unit
  vcr (~> 3.0.3)
  webmock (~> 1.24.6)

BUNDLED WITH
   1.13.2
